PATH
  remote: .
  specs:
    bucs_roster (0.3.0)

GEM
  remote: https://rubygems.org/
  specs:
    coderay (1.1.2)
    method_source (0.9.2)
    mini_portile2 (2.8.1)
    nokogiri (1.14.3)
      mini_portile2 (~> 2.8.0)
      racc (~> 1.4)
    pry (0.12.2)
      coderay (~> 1.1.0)
      method_source (~> 0.9.0)
    racc (1.6.2)
    rake (12.3.3)

PLATFORMS
  ruby

DEPENDENCIES
  bucs_roster!
  bundler (~> 2.0.1)
  nokogiri
  pry
  rake (~> 12.3)

BUNDLED WITH
   2.0.1
