PATH
  remote: .
  specs:
    bucs_roster (0.2.0)

GEM
  remote: https://rubygems.org/
  specs:
    coderay (1.1.2)
    method_source (0.9.2)
    mini_portile2 (2.4.0)
    nokogiri (1.10.3)
      mini_portile2 (~> 2.4.0)
    pry (0.12.2)
      coderay (~> 1.1.0)
      method_source (~> 0.9.0)
    rake (10.5.0)

PLATFORMS
  ruby

DEPENDENCIES
  bucs_roster!
  bundler (~> 2.0.1)
  nokogiri
  pry
  rake (~> 10.0)

BUNDLED WITH
   2.0.1
